PATH
  remote: .
  specs:
    stub_server (0.0.0)
      rack

GEM
  remote: https://rubygems.org/
  specs:
    ast (2.3.0)
    bump (0.5.3)
    diff-lcs (1.2.5)
    json (2.0.2)
    parser (2.3.1.4)
      ast (~> 2.2)
    powerpack (0.1.1)
    rack (2.0.1)
    rainbow (2.1.0)
    rake (11.3.0)
    rspec (3.5.0)
      rspec-core (~> 3.5.0)
      rspec-expectations (~> 3.5.0)
      rspec-mocks (~> 3.5.0)
    rspec-core (3.5.4)
      rspec-support (~> 3.5.0)
    rspec-expectations (3.5.0)
      diff-lcs (>= 1.2.0, < 2.0)
      rspec-support (~> 3.5.0)
    rspec-mocks (3.5.0)
      diff-lcs (>= 1.2.0, < 2.0)
      rspec-support (~> 3.5.0)
    rspec-support (3.5.0)
    rubocop (0.45.0)
      parser (>= 2.3.1.1, < 3.0)
      powerpack (~> 0.1)
      rainbow (>= 1.99.1, < 3.0)
      ruby-progressbar (~> 1.7)
      unicode-display_width (~> 1.0, >= 1.0.1)
    ruby-progressbar (1.8.1)
    single_cov (0.5.6)
    unicode-display_width (1.1.1)

PLATFORMS
  ruby

DEPENDENCIES
  bump
  json
  rake
  rspec
  rubocop
  single_cov
  stub_server!
